GEM
  remote: http://rubygems.org/
  specs:
    activemodel (4.0.0.beta1)
      activesupport (= 4.0.0.beta1)
      builder (~> 3.1.0)
    activesupport (4.0.0.beta1)
      i18n (~> 0.6.2)
      minitest (~> 4.2)
      multi_json (~> 1.3)
      thread_safe (~> 0.1)
      tzinfo (~> 0.3.33)
    addressable (2.3.5)
    builder (3.1.4)
    crack (0.4.1)
      safe_yaml (~> 0.9.0)
    curb (0.8.3)
    diff-lcs (1.2.4)
    git (1.2.5)
    i18n (0.6.9)
    jeweler (1.8.4)
      bundler (~> 1.0)
      git (>= 1.2.5)
      rake
      rdoc
    json (1.7.7)
    minitest (4.7.5)
    multi_json (1.10.1)
    rake (10.0.4)
    rdoc (3.12.2)
      json (~> 1.4)
    rspec (2.13.0)
      rspec-core (~> 2.13.0)
      rspec-expectations (~> 2.13.0)
      rspec-mocks (~> 2.13.0)
    rspec-core (2.13.1)
    rspec-expectations (2.13.0)
      diff-lcs (>= 1.1.3, < 2.0)
    rspec-mocks (2.13.1)
    ruby-hmac (0.4.0)
    safe_yaml (0.9.7)
    thread_safe (0.3.4)
    tzinfo (0.3.39)
    vcr (2.6.0)
    webmock (1.13.0)
      addressable (>= 2.2.7)
      crack (>= 0.3.2)

PLATFORMS
  ruby

DEPENDENCIES
  activemodel (>= 3.1)
  activesupport
  curb (> 0.8.1)
  i18n (= 0.6.9)
  jeweler (~> 1.8.4)
  rdoc (~> 3.12)
  rspec
  ruby-hmac (= 0.4.0)
  tzinfo
  vcr (= 2.6.0)
  webmock (= 1.13.0)
